GEM
  remote: http://rubygems.org/
  specs:
    activesupport (3.0.9)
    addressable (2.2.6)
    archive-tar-minitar (0.5.2)
    async-rack (0.5.1)
      rack (~> 1.1)
    columnize (0.3.4)
    cramp (0.15)
      activesupport (~> 3.0.9)
      eventmachine (~> 1.0.0.beta.3)
      rack (~> 1.3.2)
      thor (~> 0.14.6)
    daemons (1.1.4)
    em-synchrony (0.2.0)
      eventmachine (>= 0.12.9)
    eventmachine (1.0.0.beta.3)
    http_router (0.10.2)
      rack (>= 1.0.0)
      url_mount (~> 0.2.1)
    launchy (2.0.5)
      addressable (~> 2.2.6)
    linecache19 (0.5.12)
      ruby_core_source (>= 0.1.4)
    rack (1.3.2)
    ruby-debug-base19 (0.11.25)
      columnize (>= 0.3.1)
      linecache19 (>= 0.5.11)
      ruby_core_source (>= 0.1.4)
    ruby-debug19 (0.11.6)
      columnize (>= 0.3.1)
      linecache19 (>= 0.5.11)
      ruby-debug-base19 (>= 0.11.19)
    ruby_core_source (0.1.5)
      archive-tar-minitar (>= 0.5.2)
    thin (1.2.11)
      daemons (>= 1.0.9)
      eventmachine (>= 0.12.6)
      rack (>= 1.0.0)
    thor (0.14.6)
    url_mount (0.2.1)
      rack

PLATFORMS
  ruby

DEPENDENCIES
  async-rack
  cramp (~> 0.15)
  em-synchrony
  http_router
  launchy
  ruby-debug19
  thin
